STORAGE: NONE
RESTRICTION: || (== net5.0) (== netstandard2.0) (== netstandard2.1)
NUGET
  remote: https://api.nuget.org/v3/index.json
    BCrypt.Net-Next (4.0.3)
      System.Memory (>= 4.5.4) - restriction: || (&& (== net5.0) (>= net462)) (&& (== net5.0) (< netstandard2.1)) (== netstandard2.0) (&& (== netstandard2.1) (>= net462))
    System.Buffers (4.5.1) - restriction: || (&& (== net5.0) (>= monotouch)) (&& (== net5.0) (>= net461)) (&& (== net5.0) (>= net462)) (&& (== net5.0) (< netcoreapp2.0) (< netstandard2.1)) (&& (== net5.0) (< netstandard1.1)) (&& (== net5.0) (< netstandard2.0)) (&& (== net5.0) (< netstandard2.1) (>= xamarinios)) (&& (== net5.0) (< netstandard2.1) (>= xamarinmac)) (&& (== net5.0) (< netstandard2.1) (>= xamarintvos)) (&& (== net5.0) (< netstandard2.1) (>= xamarinwatchos)) (== netstandard2.0) (&& (== netstandard2.1) (>= net462))
    System.Memory (4.5.5) - restriction: || (&& (== net5.0) (>= net462)) (&& (== net5.0) (< netstandard2.1)) (== netstandard2.0) (&& (== netstandard2.1) (>= net462))
      System.Buffers (>= 4.5.1) - restriction: || (&& (== net5.0) (>= monotouch)) (&& (== net5.0) (>= net461)) (&& (== net5.0) (< netcoreapp2.0)) (&& (== net5.0) (< netstandard1.1)) (&& (== net5.0) (< netstandard2.0)) (&& (== net5.0) (>= xamarinios)) (&& (== net5.0) (>= xamarinmac)) (&& (== net5.0) (>= xamarintvos)) (&& (== net5.0) (>= xamarinwatchos)) (== netstandard2.0) (== netstandard2.1)
      System.Numerics.Vectors (>= 4.4) - restriction: || (&& (== net5.0) (< netcoreapp2.0)) (== netstandard2.0) (== netstandard2.1)
      System.Runtime.CompilerServices.Unsafe (>= 4.5.3) - restriction: || (&& (== net5.0) (>= monotouch)) (&& (== net5.0) (>= net461)) (&& (== net5.0) (< netcoreapp2.0)) (&& (== net5.0) (< netcoreapp2.1)) (&& (== net5.0) (< netstandard1.1)) (&& (== net5.0) (< netstandard2.0)) (&& (== net5.0) (>= uap10.1)) (&& (== net5.0) (>= xamarinios)) (&& (== net5.0) (>= xamarinmac)) (&& (== net5.0) (>= xamarintvos)) (&& (== net5.0) (>= xamarinwatchos)) (== netstandard2.0) (== netstandard2.1)
    System.Numerics.Vectors (4.5) - restriction: || (&& (== net5.0) (>= net462)) (&& (== net5.0) (< netcoreapp2.0) (< netstandard2.1)) (== netstandard2.0) (&& (== netstandard2.1) (>= net462))
    System.Runtime.CompilerServices.Unsafe (6.0) - restriction: || (&& (== net5.0) (>= monotouch)) (&& (== net5.0) (>= net461)) (&& (== net5.0) (>= net462)) (&& (== net5.0) (< netcoreapp2.0) (< netstandard2.1)) (&& (== net5.0) (< netcoreapp2.1) (< netstandard2.1)) (&& (== net5.0) (< netstandard1.1)) (&& (== net5.0) (< netstandard2.0)) (&& (== net5.0) (< netstandard2.1) (>= xamarinios)) (&& (== net5.0) (< netstandard2.1) (>= xamarinmac)) (&& (== net5.0) (< netstandard2.1) (>= xamarintvos)) (&& (== net5.0) (< netstandard2.1) (>= xamarinwatchos)) (&& (== net5.0) (>= uap10.1)) (== netstandard2.0) (&& (== netstandard2.1) (>= net462))
